PATH
  remote: .
  specs:
    rack-peephole (0.1.0)
      stackprof

GEM
  remote: https://rubygems.org/
  specs:
    rake (10.4.2)
    stackprof (0.2.12)

PLATFORMS
  ruby

DEPENDENCIES
  bundler (~> 1.17)
  rack-peephole!
  rake (~> 10.0)

BUNDLED WITH
   1.17.2
